NUGET
  remote: https://www.nuget.org/api/v2
    FAKE (4.39)
    FSharp.Core (4.0.0.1)
    FsUnit (1.4.1)
      FSharp.Core (>= 3.1.2.5)
      NUnit (2.6.4)
    NUnit (2.6.4)
    NUnit.Runners (2.6.4)
    Unquote (3.1.2)
